PATH
  remote: .
  specs:
    fdic (0.9.0)
      httparty (~> 0.13)
      json-schema (~> 2.5.0)

GEM
  remote: https://rubygems.org/
  specs:
    addressable (2.3.8)
    codeclimate-test-reporter (1.0.8)
      simplecov (<= 0.13)
    diff-lcs (1.3)
    docile (1.1.5)
    httparty (0.16.2)
      multi_xml (>= 0.5.2)
    json (2.1.0)
    json-schema (2.5.2)
      addressable (~> 2.3.8)
    multi_xml (0.6.0)
    rake (10.5.0)
    rspec (3.7.0)
      rspec-core (~> 3.7.0)
      rspec-expectations (~> 3.7.0)
      rspec-mocks (~> 3.7.0)
    rspec-core (3.7.1)
      rspec-support (~> 3.7.0)
    rspec-expectations (3.7.0)
      diff-lcs (>= 1.2.0, < 2.0)
      rspec-support (~> 3.7.0)
    rspec-mocks (3.7.0)
      diff-lcs (>= 1.2.0, < 2.0)
      rspec-support (~> 3.7.0)
    rspec-support (3.7.1)
    simplecov (0.13.0)
      docile (~> 1.1.0)
      json (>= 1.8, < 3)
      simplecov-html (~> 0.10.0)
    simplecov-html (0.10.2)

PLATFORMS
  ruby

DEPENDENCIES
  bundler (~> 1.10)
  codeclimate-test-reporter
  fdic!
  rake (~> 10.0)
  rspec (~> 3.0)

BUNDLED WITH
   1.16.0
